GEM
  remote: http://rubygems.org/
  specs:
    active_support (3.0.0)
      activesupport (= 3.0.0)
    activesupport (3.0.0)
    git (1.2.5)
    jeweler (1.6.4)
      bundler (~> 1.0)
      git (>= 1.2.5)
      rake
    mime-types (1.17.2)
    rake (0.9.2.2)
    rcov (0.9.11)
    shoulda (2.11.3)
    typhoeus (0.3.3)
      mime-types

PLATFORMS
  ruby

DEPENDENCIES
  active_support
  bundler (~> 1.0.0)
  jeweler (~> 1.6.4)
  rcov
  shoulda
  typhoeus
